PATH
  remote: .
  specs:
    brio (0.0.1)
      faraday (>= 0.8)
      faraday_middleware (>= 0.8.8)
      gli (~> 2.4)
      highline (>= 1.6)
      htmlentities (>= 4.3)
      json (~> 1.7)
      launchy (>= 2.1)

GEM
  remote: http://rubygems.org/
  specs:
    addressable (2.3.2)
    aruba (0.5.0)
      childprocess (= 0.2.3)
      cucumber (>= 1.1.1)
      ffi (>= 1.0.11)
      rspec-expectations (>= 2.7.0)
    builder (3.1.4)
    childprocess (0.2.3)
      ffi (~> 1.0.6)
    coderay (1.0.8)
    crack (0.3.1)
    cucumber (1.2.1)
      builder (>= 2.1.2)
      diff-lcs (>= 1.1.3)
      gherkin (~> 2.11.0)
      json (>= 1.4.6)
    diff-lcs (1.1.3)
    faraday (0.8.4)
      multipart-post (~> 1.1)
    faraday_middleware (0.9.0)
      faraday (>= 0.7.4, < 0.9)
    ffi (1.0.11)
    gherkin (2.11.5)
      json (>= 1.4.6)
    gli (2.4.1)
    highline (1.6.15)
    htmlentities (4.3.1)
    json (1.7.5)
    launchy (2.1.2)
      addressable (~> 2.3)
    method_source (0.8.1)
    multipart-post (1.1.5)
    pry (0.9.10)
      coderay (~> 1.0.5)
      method_source (~> 0.8)
      slop (~> 3.3.1)
    rake (0.9.2.2)
    rdoc (3.12)
      json (~> 1.4)
    rspec (2.11.0)
      rspec-core (~> 2.11.0)
      rspec-expectations (~> 2.11.0)
      rspec-mocks (~> 2.11.0)
    rspec-core (2.11.1)
    rspec-expectations (2.11.3)
      diff-lcs (~> 1.1.3)
    rspec-mocks (2.11.3)
    slop (3.3.3)
    timecop (0.5.3)
    webmock (1.8.11)
      addressable (>= 2.2.7)
      crack (>= 0.1.7)

PLATFORMS
  ruby

DEPENDENCIES
  aruba
  brio!
  pry
  rake
  rdoc
  rspec
  timecop
  webmock
